PATH
  remote: .
  specs:
    to-result (0.0.4)

GEM
  remote: https://rubygems.org/
  specs:
    byebug (11.1.3)
    concurrent-ruby (1.1.10)
    dry-core (0.8.1)
      concurrent-ruby (~> 1.0)
    dry-monads (1.4.0)
      concurrent-ruby (~> 1.0)
      dry-core (~> 0.7)
    minitest (5.16.3)
    mocha (1.15.0)

PLATFORMS
  ruby

DEPENDENCIES
  byebug (~> 11.1)
  dry-monads (~> 1.4)
  minitest (~> 5.16)
  mocha (~> 1.15)
  to-result!

BUNDLED WITH
   2.3.15
